PATH
  remote: .
  specs:
    circleci-bundle-update-pr (1.5.0)
      compare_linker
      octokit (>= 3.8)

GEM
  remote: https://rubygems.org/
  specs:
    addressable (2.5.0)
      public_suffix (~> 2.0, >= 2.0.2)
    compare_linker (1.3.6)
      httpclient
      octokit
    faraday (0.11.0)
      multipart-post (>= 1.2, < 3)
    httpclient (2.8.3)
    multipart-post (2.0.0)
    octokit (4.6.2)
      sawyer (~> 0.8.0, >= 0.5.3)
    public_suffix (2.0.5)
    rake (10.5.0)
    sawyer (0.8.1)
      addressable (>= 2.3.5, < 2.6)
      faraday (~> 0.8, < 1.0)

PLATFORMS
  ruby

DEPENDENCIES
  bundler (~> 1.7)
  circleci-bundle-update-pr!
  rake (~> 10.0)

BUNDLED WITH
   1.13.7
